GEM
  remote: http://rubygems.org/
  specs:
    rack (1.3.0)
    rack-rewrite (1.0.0)
    sinatra (1.2.6)
      rack (~> 1.1)
      tilt (>= 1.2.2, < 2.0)
    tilt (1.3.1)

PLATFORMS
  ruby

DEPENDENCIES
  rack-rewrite (= 1.0.0)
  sinatra
